GEM
  remote: https://rubygems.org/
  specs:
    dotenv (2.7.5)
    httparty (0.18.0)
      mime-types (~> 3.0)
      multi_xml (>= 0.5.2)
    mime-types (3.3.1)
      mime-types-data (~> 3.2015)
    mime-types-data (3.2019.1009)
    multi_xml (0.6.0)
    smarter_csv (1.2.6)

PLATFORMS
  ruby

DEPENDENCIES
  dotenv
  httparty
  smarter_csv

RUBY VERSION
   ruby 2.6.3p62

BUNDLED WITH
   1.17.2
